PATH
  remote: .
  specs:
    koala-vcr (0.0.0)
      koala
      rspec

GEM
  remote: http://rubygems.org/
  specs:
    addressable (2.3.5)
    coderay (1.1.0)
    diff-lcs (1.2.5)
    faraday (0.9.0)
      multipart-post (>= 1.2, < 3)
    koala (1.9.0)
      addressable
      faraday
      multi_json
    method_source (0.8.2)
    multi_json (1.9.0)
    multipart-post (2.0.0)
    pry (0.9.12.6)
      coderay (~> 1.0)
      method_source (~> 0.8)
      slop (~> 3.4)
    rspec (2.14.1)
      rspec-core (~> 2.14.0)
      rspec-expectations (~> 2.14.0)
      rspec-mocks (~> 2.14.0)
    rspec-core (2.14.8)
    rspec-expectations (2.14.5)
      diff-lcs (>= 1.1.3, < 2.0)
    rspec-mocks (2.14.6)
    slop (3.4.7)

PLATFORMS
  ruby

DEPENDENCIES
  koala-vcr!
  pry
