PATH
  remote: .
  specs:
    koala-vcr (0.0.0)
      koala
      vcr

GEM
  remote: http://rubygems.org/
  specs:
    addressable (2.3.6)
    coderay (1.1.0)
    diff-lcs (1.2.5)
    faraday (0.9.0)
      multipart-post (>= 1.2, < 3)
    koala (1.9.0)
      addressable
      faraday
      multi_json
    method_source (0.8.2)
    multi_json (1.9.2)
    multipart-post (2.0.0)
    pry (0.9.12.6)
      coderay (~> 1.0)
      method_source (~> 0.8)
      slop (~> 3.4)
    rspec (3.0.0.beta2)
      rspec-core (= 3.0.0.beta2)
      rspec-expectations (= 3.0.0.beta2)
      rspec-mocks (= 3.0.0.beta2)
    rspec-core (3.0.0.beta2)
      rspec-support (= 3.0.0.beta2)
    rspec-expectations (3.0.0.beta2)
      diff-lcs (>= 1.2.0, < 2.0)
      rspec-support (= 3.0.0.beta2)
    rspec-mocks (3.0.0.beta2)
      rspec-support (= 3.0.0.beta2)
    rspec-support (3.0.0.beta2)
    slop (3.4.7)
    vcr (2.8.0)

PLATFORMS
  ruby

DEPENDENCIES
  koala-vcr!
  pry
  rspec (~> 3.0.0.beta2)
